GIT
  remote: git://github.com/ryansch/fakeweb.git
  revision: 6a5f4d2d0e8e9525870545741e11eaf3a22aa92b
  branch: request_block
  specs:
    fakeweb (1.3.0)

GEM
  remote: http://rubygems.org/
  specs:
    git (1.2.5)
    jeweler (1.5.1)
      bundler (~> 1.0.0)
      git (>= 1.2.5)
      rake
    rake (0.8.7)
    rcov (0.9.9)
    rspec (1.3.1)
    shoulda (2.11.3)

PLATFORMS
  ruby

DEPENDENCIES
  bundler (~> 1.0.0)
  fakeweb!
  jeweler (~> 1.5.1)
  rcov
  rspec (~> 1.3.1)
  shoulda
